GEM
  remote: https://rubygems.org/
  specs:
    activemodel (5.2.0)
      activesupport (= 5.2.0)
    activerecord (5.2.0)
      activemodel (= 5.2.0)
      activesupport (= 5.2.0)
      arel (>= 9.0)
    activesupport (5.2.0)
      concurrent-ruby (~> 1.0, >= 1.0.2)
      i18n (>= 0.7, < 2)
      minitest (~> 5.1)
      tzinfo (~> 1.1)
    addressable (2.5.2)
      public_suffix (>= 2.0.2, < 4.0)
    arel (9.0.0)
    bcrypt (3.1.12)
    byebug (10.0.2)
    coderay (1.1.2)
    concurrent-ruby (1.0.5)
    coveralls (0.8.22)
      json (>= 1.8, < 3)
      simplecov (~> 0.16.1)
      term-ansicolor (~> 1.3)
      thor (~> 0.19.4)
      tins (~> 1.6)
    crack (0.4.3)
      safe_yaml (~> 1.0.0)
    database_cleaner (1.7.0)
    diff-lcs (1.3)
    docile (1.3.1)
    et-orbi (1.1.2)
      tzinfo
    factory_bot (4.10.0)
      activesupport (>= 3.0.0)
    fugit (1.1.3)
      et-orbi (~> 1.1, >= 1.1.1)
      raabro (~> 1.1)
    hashdiff (0.3.7)
    i18n (1.0.1)
      concurrent-ruby (~> 1.0)
    json (2.1.0)
    mail (2.7.0)
      mini_mime (>= 0.1.1)
    method_source (0.9.0)
    mini_mime (1.0.0)
    minitest (5.11.3)
    mustermann (1.0.2)
    news-api (0.0.0)
    pg (1.0.0)
    pony (1.12)
      mail (>= 2.0)
    pry (0.11.3)
      coderay (~> 1.1.0)
      method_source (~> 0.9.0)
    public_suffix (3.0.2)
    raabro (1.1.6)
    rack (2.0.5)
    rack-protection (2.0.3)
      rack
    rack-test (1.0.0)
      rack (>= 1.0, < 3)
    rake (12.3.1)
    rspec (3.7.0)
      rspec-core (~> 3.7.0)
      rspec-expectations (~> 3.7.0)
      rspec-mocks (~> 3.7.0)
    rspec-core (3.7.1)
      rspec-support (~> 3.7.0)
    rspec-expectations (3.7.0)
      diff-lcs (>= 1.2.0, < 2.0)
      rspec-support (~> 3.7.0)
    rspec-mocks (3.7.0)
      diff-lcs (>= 1.2.0, < 2.0)
      rspec-support (~> 3.7.0)
    rspec-support (3.7.1)
    rufus-scheduler (3.5.0)
      fugit (~> 1.1, >= 1.1.1)
    safe_yaml (1.0.4)
    simplecov (0.16.1)
      docile (~> 1.1)
      json (>= 1.8, < 3)
      simplecov-html (~> 0.10.0)
    simplecov-html (0.10.2)
    sinatra (2.0.3)
      mustermann (~> 1.0)
      rack (~> 2.0)
      rack-protection (= 2.0.3)
      tilt (~> 2.0)
    sinatra-activerecord (2.0.13)
      activerecord (>= 3.2)
      sinatra (>= 1.0)
    sinatra-flash (0.3.0)
      sinatra (>= 1.0.0)
    sinatra-partial (1.0.1)
      sinatra (>= 1.4)
    term-ansicolor (1.6.0)
      tins (~> 1.0)
    thor (0.19.4)
    thread_safe (0.3.6)
    tilt (2.0.8)
    tins (1.16.3)
    tzinfo (1.2.5)
      thread_safe (~> 0.1)
    webmock (3.4.2)
      addressable (>= 2.3.6)
      crack (>= 0.3.2)
      hashdiff

PLATFORMS
  ruby

DEPENDENCIES
  activerecord (~> 5.2)
  bcrypt (~> 3.1, >= 3.1.12)
  byebug
  coveralls (~> 0.8.22)
  database_cleaner (~> 1.7)
  factory_bot (~> 4.10)
  news-api (~> 0.0.0)
  pg (~> 1.0)
  pony (~> 1.12)
  pry (~> 0.11.3)
  rack-test (~> 1.0)
  rake (~> 12.3, >= 12.3.1)
  rspec (~> 3.7)
  rufus-scheduler (~> 3.5)
  simplecov (~> 0.16.1)
  sinatra
  sinatra-activerecord (~> 2.0, >= 2.0.13)
  sinatra-flash (~> 0.3.0)
  sinatra-partial (~> 1.0, >= 1.0.1)
  webmock (~> 3.4, >= 3.4.2)

BUNDLED WITH
   1.16.2
